GEM
  remote: http://gemcutter.org/
  specs:
    haml (2.2.20)
    pg (0.17.0)
    rack (1.1.0)
    sequel (3.9.0)
    sinatra (0.9.5)
      rack (>= 0.9.1)

PLATFORMS
  ruby

DEPENDENCIES
  haml (= 2.2.20)
  pg
  rack (= 1.1.0)
  sequel (= 3.9.0)
  sinatra (= 0.9.5)
